GEM
  specs:
    chunky_png (1.2.6)

PLATFORMS
  ruby

DEPENDENCIES
  chunky_png
